GEM
  remote: http://rubygems.org/
  specs:
    backports (3.11.4)
    jwt (1.5.1)
    layer-identity_token (0.1.0)
      jwt (~> 1.4, >= 1.4.1)
    multi_json (1.13.1)
    mustermann (1.0.3)
    puma (2.13.4)
    rack (2.0.6)
    rack-protection (2.0.5)
      rack
    sinatra (2.0.5)
      mustermann (~> 1.0)
      rack (~> 2.0)
      rack-protection (= 2.0.5)
      tilt (~> 2.0)
    sinatra-contrib (2.0.5)
      backports (>= 2.8.2)
      multi_json
      mustermann (~> 1.0)
      rack-protection (= 2.0.5)
      sinatra (= 2.0.5)
      tilt (>= 1.3, < 3)
    tilt (2.0.9)

PLATFORMS
  ruby

DEPENDENCIES
  layer-identity_token
  puma
  sinatra
  sinatra-contrib

BUNDLED WITH
   1.10.6
