GEM
  remote: http://rubygems.org/
  specs:
    jwt (1.5.1)
    layer-identity_token (0.1.0)
      jwt (~> 1.4, >= 1.4.1)
    multi_json (1.15.0)
    mustermann (1.1.1)
      ruby2_keywords (~> 0.0.1)
    puma (2.13.4)
    rack (2.2.3)
    rack-protection (2.1.0)
      rack
    ruby2_keywords (0.0.2)
    sinatra (2.1.0)
      mustermann (~> 1.0)
      rack (~> 2.2)
      rack-protection (= 2.1.0)
      tilt (~> 2.0)
    sinatra-contrib (2.1.0)
      multi_json
      mustermann (~> 1.0)
      rack-protection (= 2.1.0)
      sinatra (= 2.1.0)
      tilt (~> 2.0)
    tilt (2.0.10)

PLATFORMS
  ruby

DEPENDENCIES
  layer-identity_token
  puma
  sinatra
  sinatra-contrib

BUNDLED WITH
   1.10.6
